GEM
  remote: https://rubygems.org/
  specs:
    byebug (11.1.3)
    ethon (0.13.0)
      ffi (>= 1.15.0)
    ffi (1.15.0)
    json (2.5.1)
    logger (1.4.3)
    securerandom (0.1.0)
    typhoeus (1.4.0)
      ethon (>= 0.9.0)
    yaml (0.1.1)

PLATFORMS
  x86_64-darwin-20

DEPENDENCIES
  byebug (~> 11.1, >= 11.1.3)
  json (~> 2.5, >= 2.5.1)
  logger (~> 1.4, >= 1.4.3)
  securerandom (~> 0.1.0)
  typhoeus (~> 1.0, >= 1.0.1)
  yaml (~> 0.1.1)

BUNDLED WITH
   2.2.16
